GEM
  remote: https://rubygems.org/
  specs:
    nio4r (2.5.3)
    puma (4.3.6)
      nio4r (~> 2.0)

PLATFORMS
  ruby

DEPENDENCIES
  puma

BUNDLED WITH
   2.1.4
